PATH
  remote: .
  specs:
    twido (0.0.1.alpha)
      highline (~> 1.6.15)
      methadone (~> 1.2.3)
      twitter (~> 4.4.1)

GEM
  remote: https://rubygems.org/
  specs:
    aruba (0.5.1)
      childprocess (~> 0.3.6)
      cucumber (>= 1.1.1)
      rspec-expectations (>= 2.7.0)
    builder (3.1.4)
    childprocess (0.3.6)
      ffi (~> 1.0, >= 1.0.6)
    cucumber (1.2.1)
      builder (>= 2.1.2)
      diff-lcs (>= 1.1.3)
      gherkin (~> 2.11.0)
      json (>= 1.4.6)
    diff-lcs (1.1.3)
    faraday (0.8.4)
      multipart-post (~> 1.1)
    ffi (1.2.0)
    gherkin (2.11.5)
      json (>= 1.4.6)
    highline (1.6.15)
    json (1.7.5)
    methadone (1.2.3)
      bundler
    multi_json (1.5.0)
    multipart-post (1.1.5)
    rake (0.9.6)
    rdoc (3.12)
      json (~> 1.4)
    rspec-expectations (2.12.0)
      diff-lcs (~> 1.1.3)
    simple_oauth (0.2.0)
    twitter (4.4.1)
      faraday (~> 0.8)
      multi_json (~> 1.3)
      simple_oauth (~> 0.2)

PLATFORMS
  ruby

DEPENDENCIES
  aruba
  rake (~> 0.9.2)
  rdoc
  twido!
